GEM
  remote: https://rubygems.org/
  specs:
    coderay (1.1.3)
    method_source (1.0.0)
    power_assert (2.0.1)
    test-unit (3.5.3)
      power_assert

PLATFORMS
  x86_64-darwin-21

DEPENDENCIES
  test-unit

RUBY VERSION
   ruby 3.1.2p20

BUNDLED WITH
   2.3.7
